GEM
  remote: http://rubygems.org/
  specs:
    Platform (0.4.0)
    coderay (1.0.8)
    formatador (0.2.4)
    i18n (0.6.1)
    mail (2.5.3)
      i18n (>= 0.4.0)
      mime-types (~> 1.16)
      treetop (~> 1.4.8)
    method_source (0.8.1)
    mime-types (1.19)
    open4 (1.3.0)
    polyglot (0.3.3)
    pony (1.4)
      mail (> 2.0)
    popen4 (0.1.2)
      Platform (>= 0.4.0)
      open4 (>= 0.4.0)
    pry (0.9.10)
      coderay (~> 1.0.5)
      method_source (~> 0.8)
      slop (~> 3.3.1)
    slop (3.3.3)
    treetop (1.4.12)
      polyglot
      polyglot (>= 0.3.1)

PLATFORMS
  ruby

DEPENDENCIES
  formatador
  pony
  popen4
  pry
